GEM
  remote: https://rubygems.org/
  specs:
    base64 (0.3.0)
    json (2.13.2)
    mustermann (3.0.4)
      ruby2_keywords (~> 0.0.1)
    net-http (0.6.0)
      uri
    nio4r (2.7.4)
    puma (6.6.1)
      nio4r (~> 2.0)
    rack (2.2.17)
    rack-protection (3.2.0)
      base64 (>= 0.1.0)
      rack (~> 2.2, >= 2.2.4)
    ruby2_keywords (0.0.5)
    sinatra (3.2.0)
      mustermann (~> 3.0)
      rack (~> 2.2, >= 2.2.4)
      rack-protection (= 3.2.0)
      tilt (~> 2.0)
    tilt (2.6.1)
    uri (1.0.3)

PLATFORMS
  aarch64-linux

DEPENDENCIES
  json (~> 2.6)
  net-http (~> 0.3)
  puma (~> 6.0)
  rack (~> 2.2)
  sinatra (~> 3.0)

BUNDLED WITH
   2.3.27
